PATH
  remote: .
  specs:
    sox (0.0.2)
      bubble-wrap (~> 1.3.0)

GEM
  remote: https://rubygems.org/
  specs:
    bacon (1.2.0)
    bubble-wrap (1.3.0)
    rake (10.1.0)
    webstub (0.6.1)

PLATFORMS
  ruby

DEPENDENCIES
  bacon
  rake
  sox!
  webstub
