PATH
  remote: .
  specs:
    sox (0.0.1)
      bubble-wrap (~> 1.3.0)

GEM
  remote: https://rubygems.org/
  specs:
    bacon (1.2.0)
    bubble-wrap (1.3.0)
    rake (10.1.0)

PLATFORMS
  ruby

DEPENDENCIES
  bacon
  rake
  sox!
