PATH
  remote: .
  specs:
    sox (0.0.1)

GEM
  remote: https://rubygems.org/
  specs:
    bacon (1.2.0)
    rake (10.1.0)

PLATFORMS
  ruby

DEPENDENCIES
  bacon
  rake
  sox!
